GEM
  remote: https://rubygems.org/
  specs:
    RecastAI (3.1.2)
      httmultiparty (~> 0.3)
      httparty (~> 0.13)
    activemodel (5.0.2)
      activesupport (= 5.0.2)
    activesupport (5.0.2)
      concurrent-ruby (~> 1.0, >= 1.0.2)
      i18n (~> 0.7)
      minitest (~> 5.1)
      tzinfo (~> 1.1)
    byebug (9.0.6)
    concurrent-ruby (1.0.5)
    dotenv (2.2.1)
    facebook-messenger (1.0.0)
      httparty (~> 0.13, >= 0.13.7)
      rack (>= 1.6.4)
    faraday (0.13.1)
      multipart-post (>= 1.2, < 3)
    foreman (0.84.0)
      thor (~> 0.19.1)
    httmultiparty (0.3.16)
      httparty (>= 0.7.3)
      mimemagic
      multipart-post
    httparty (0.15.6)
      multi_xml (>= 0.5.2)
    i18n (0.8.1)
    json (2.1.0)
    mimemagic (0.3.2)
    minitest (5.10.1)
    multi_xml (0.6.0)
    multipart-post (2.0.0)
    mustermann (1.0.0)
    puma (3.9.1)
    rack (2.0.3)
    rack-protection (2.0.0)
      rack
    restcountry (0.5.2)
      faraday
      json
    sinatra (2.0.0)
      mustermann (~> 1.0)
      rack (~> 2.0)
      rack-protection (= 2.0.0)
      tilt (~> 2.0)
    thor (0.19.4)
    thread_safe (0.3.6)
    tilt (2.0.8)
    tzinfo (1.2.3)
      thread_safe (~> 0.1)

PLATFORMS
  ruby

DEPENDENCIES
  RecastAI (~> 3.0)
  activemodel
  byebug
  dotenv
  facebook-messenger
  foreman
  httparty
  puma
  restcountry
  sinatra

BUNDLED WITH
   1.15.3
